GIT
  remote: git://github.com/k1w1/plain-david.git
  revision: a4bae8cc1baac120ae121953a44597be5d19d790
  specs:
    plain-david (0.1.0)
      html2markdown
      htmlentities

GIT
  remote: https://github.com/JeremyGeros/html2confluence.git
  revision: caa59c9856fa710339624aaadc1d86db2b83c2a2
  branch: patch-1
  specs:
    html2confluence (1.3.13)
      nokogiri

GIT
  remote: https://github.com/JeremyGeros/reverse_markdown.git
  revision: 27b4d1c13b022e5648684a45bdf9a000b8b3e9ea
  specs:
    reverse_markdown (0.6.7)
      nokogiri

GIT
  remote: https://github.com/aha-app/ClothRed
  revision: 0b3aac2e0587e7081495417cf71cec018d3cf078
  specs:
    ClothRed (0.5.0)

GIT
  remote: https://github.com/aha-app/aha-api
  revision: 1166580dad08835dd6c953a5a2f24a537bcc867a
  specs:
    aha-api (1.0.11)
      activesupport
      faraday (~> 0.9.0)
      faraday_middleware
      hashie
      multi_json

PATH
  remote: .
  specs:
    aha-services (1.23.15)
      activesupport
      aha-api
      crack
      faraday (~> 0.9.0)
      faraday-cookie_jar
      faraday_middleware (~> 0.9.0)
      hashie (~> 3.4.6)
      html2confluence
      htmlentities
      jwt
      reverse_markdown
      simple_oauth (>= 0.1, < 0.3)

GEM
  remote: https://rubygems.org/
  specs:
    activesupport (4.1.7)
      i18n (~> 0.6, >= 0.6.9)
      json (~> 1.7, >= 1.7.7)
      minitest (~> 5.1)
      thread_safe (~> 0.1)
      tzinfo (~> 1.1)
    addressable (2.3.6)
    builder (3.2.2)
    byebug (6.0.2)
    celluloid (0.16.0)
      timers (~> 4.0.0)
    crack (0.4.2)
      safe_yaml (~> 1.0.0)
    diff-lcs (1.2.5)
    domain_name (0.5.20161021)
      unf (>= 0.0.5, < 1.0.0)
    faraday (0.9.0)
      multipart-post (>= 1.2, < 3)
    faraday-cookie_jar (0.0.6)
      faraday (>= 0.7.4)
      http-cookie (~> 1.0.0)
    faraday_middleware (0.9.1)
      faraday (>= 0.7.4, < 0.10)
    ffi (1.9.6)
    hashie (3.4.6)
    hitimes (1.2.2)
    html2markdown (0.0.3)
      nokogiri
    htmlentities (4.3.2)
    http-cookie (1.0.3)
      domain_name (~> 0.5)
    i18n (0.6.11)
    json (1.8.3)
    jwt (1.5.6)
    listen (2.7.11)
      celluloid (>= 0.15.2)
      rb-fsevent (>= 0.9.3)
      rb-inotify (>= 0.9)
    mail (2.6.4)
      mime-types (>= 1.16, < 4)
    mime-types (2.99.2)
    mini_portile (0.6.2)
    minitest (5.4.2)
    multi_json (1.10.1)
    multipart-post (2.0.0)
    net-http-persistent (2.9.4)
    nokogiri (1.6.6.2)
      mini_portile (~> 0.6.0)
    rack (1.5.2)
    rack-protection (1.5.3)
      rack
    rb-fsevent (0.9.4)
    rb-inotify (0.9.5)
      ffi (>= 0.5.0)
    redcarpet (3.2.0)
    rerun (0.10.0)
      listen (~> 2.7, >= 2.7.3)
    restforce (1.5.1)
      faraday (~> 0.9.0)
      faraday_middleware (>= 0.8.8)
      hashie (>= 1.2.0, < 4.0)
      json (>= 1.7.5, < 1.9.0)
    rspec (3.1.0)
      rspec-core (~> 3.1.0)
      rspec-expectations (~> 3.1.0)
      rspec-mocks (~> 3.1.0)
    rspec-core (3.1.7)
      rspec-support (~> 3.1.0)
    rspec-expectations (3.1.2)
      diff-lcs (>= 1.2.0, < 2.0)
      rspec-support (~> 3.1.0)
    rspec-mocks (3.1.3)
      rspec-support (~> 3.1.0)
    rspec-support (3.1.2)
    rspec_junit_formatter (0.2.3)
      builder (< 4)
      rspec-core (>= 2, < 4, != 2.12.0)
    rubyntlm (0.5.2)
    safe_yaml (1.0.4)
    simple_oauth (0.2.0)
    sinatra (1.4.5)
      rack (~> 1.4)
      rack-protection (~> 1.4)
      tilt (~> 1.3, >= 1.3.4)
    thread_safe (0.3.4)
    tilt (1.4.1)
    timers (4.0.1)
      hitimes
    tzinfo (1.2.2)
      thread_safe (~> 0.1)
    unf (0.1.4)
      unf_ext
    unf_ext (0.0.7.2)
    webmock (1.20.2)
      addressable (>= 2.3.6)
      crack (>= 0.3.2)

PLATFORMS
  ruby

DEPENDENCIES
  ClothRed!
  aha-api!
  aha-services!
  byebug
  crack
  hashie (~> 3.4.6)
  html2confluence!
  mail
  net-http-persistent
  nokogiri (= 1.6.6.2)
  plain-david!
  redcarpet
  rerun
  restforce
  reverse_markdown!
  rspec
  rspec_junit_formatter
  rubyntlm
  sinatra
  webmock

RUBY VERSION
   ruby 2.3.1p112

BUNDLED WITH
   1.13.5
