GIT
  remote: git://github.com/k1w1/plain-david.git
  revision: 50342418d936770adb3ac780740135039b21b1f9
  specs:
    plain-david (0.0.2)
      html2markdown
      htmlentities

GIT
  remote: https://383f0d3f6e966653045bbbe228f0d2c3eaa693c2:x-oauth-basic@github.com/aha-app/aha-api
  revision: 52845d69e982b190698b74737e7dda7f6c257d9e
  specs:
    aha-api (1.0.4)
      activesupport
      faraday
      faraday_middleware
      hashie
      multi_json

GIT
  remote: https://github.com/k1w1/html2confluence.git
  revision: 5209df0c6811f4d67f79e5cf26f50cdd9f11a24e
  specs:
    html2confluence (1.0.2)

PATH
  remote: .
  specs:
    aha-services (1.5.9)
      activesupport
      aha-api
      faraday
      faraday_middleware
      hashie (~> 2.0.0)
      html2confluence
      htmlentities
      simple_oauth

GEM
  remote: http://rubygems.org/
  specs:
    activesupport (4.0.2)
      i18n (~> 0.6, >= 0.6.4)
      minitest (~> 4.2)
      multi_json (~> 1.3)
      thread_safe (~> 0.1)
      tzinfo (~> 0.3.37)
    addressable (2.3.5)
    atomic (1.1.14)
    coderay (1.1.0)
    crack (0.4.1)
      safe_yaml (~> 0.9.0)
    diff-lcs (1.2.5)
    faraday (0.8.9)
      multipart-post (~> 1.2.0)
    faraday_middleware (0.9.0)
      faraday (>= 0.7.4, < 0.9)
    hashie (2.0.5)
    html2markdown (0.0.3)
      nokogiri
    htmlentities (4.3.1)
    i18n (0.6.9)
    method_source (0.8.2)
    mini_portile (0.5.2)
    minitest (4.7.5)
    multi_json (1.8.4)
    multipart-post (1.2.0)
    nokogiri (1.6.1)
      mini_portile (~> 0.5.0)
    nokogiri (1.6.1-x86-mingw32)
      mini_portile (~> 0.5.0)
    pry (0.9.12.6)
      coderay (~> 1.0)
      method_source (~> 0.8)
      slop (~> 3.4)
    pry (0.9.12.6-x86-mingw32)
      coderay (~> 1.0)
      method_source (~> 0.8)
      slop (~> 3.4)
      win32console (~> 1.3)
    rspec (2.14.1)
      rspec-core (~> 2.14.0)
      rspec-expectations (~> 2.14.0)
      rspec-mocks (~> 2.14.0)
    rspec-core (2.14.7)
    rspec-expectations (2.14.4)
      diff-lcs (>= 1.1.3, < 2.0)
    rspec-mocks (2.14.4)
    safe_yaml (0.9.7)
    simple_oauth (0.2.0)
    slop (3.4.7)
    thread_safe (0.1.3)
      atomic
    tzinfo (0.3.38)
    webmock (1.17.1)
      addressable (>= 2.2.7)
      crack (>= 0.3.2)
    win32console (1.3.2-x86-mingw32)

PLATFORMS
  ruby
  x86-mingw32

DEPENDENCIES
  aha-api!
  aha-services!
  html2confluence!
  plain-david!
  pry
  rspec
  webmock
