GIT
  remote: https://github.com/aha-app/ClothRed
  revision: bcbcce3dd1754fa0464ea1d8ca761c70dd6ff631
  specs:
    ClothRed (0.5.0)

GIT
  remote: https://github.com/aha-app/aha-api
  revision: 63afceee817887b97ee6bdee77bea0b96ba020b9
  specs:
    aha-api (1.0.42)
      activesupport
      faraday (>= 2.0.0)
      faraday-follow_redirects
      faraday-mashify
      hashie
      multi_json
      rexml

GIT
  remote: https://github.com/aha-app/html2confluence.git
  revision: 562d7a1866e7de0071db3650bd792d53dd1143ea
  specs:
    html2confluence (1.3.23)
      nokogiri

GIT
  remote: https://github.com/aha-app/reverse_markdown.git
  revision: 5ab7982bffdc9be17726866d68c3bf7b4a6e4acd
  specs:
    reverse_markdown (0.6.8)
      nokogiri

GIT
  remote: https://github.com/k1w1/plain-david.git
  revision: 9d395eec005d77017341501ba9ab0e1969fb3538
  specs:
    plain-david (1.1.0)
      html2markdown
      htmlentities

PATH
  remote: .
  specs:
    aha-services (2.00.01)
      activesupport
      aha-api
      crack
      faraday
      faraday-cookie_jar
      faraday-gzip
      faraday-multipart
      faraday-net_http_persistent (~> 2.0)
      hashie (~> 3.6)
      html2confluence
      htmlentities
      jwt
      reverse_markdown
      simple_oauth (>= 0.1, < 0.3)

GEM
  remote: https://rubygems.org/
  specs:
    activesupport (7.0.5)
      concurrent-ruby (~> 1.0, >= 1.0.2)
      i18n (>= 1.6, < 2)
      minitest (>= 5.1)
      tzinfo (~> 2.0)
    addressable (2.7.0)
      public_suffix (>= 2.0.2, < 5.0)
    byebug (11.1.3)
    coderay (1.1.3)
    concurrent-ruby (1.2.2)
    connection_pool (2.4.1)
    crack (0.4.5)
      rexml
    diff-lcs (1.4.4)
    domain_name (0.5.20190701)
      unf (>= 0.0.5, < 1.0.0)
    faraday (2.7.6)
      faraday-net_http (>= 2.0, < 3.1)
      ruby2_keywords (>= 0.0.4)
    faraday-cookie_jar (0.0.7)
      faraday (>= 0.8.0)
      http-cookie (~> 1.0.0)
    faraday-follow_redirects (0.3.0)
      faraday (>= 1, < 3)
    faraday-gzip (1.0.0)
      faraday (>= 1.0)
      zlib (~> 2.1)
    faraday-mashify (0.1.1)
      faraday (~> 2.0)
      hashie
    faraday-multipart (1.0.4)
      multipart-post (~> 2)
    faraday-net_http (3.0.2)
    faraday-net_http_persistent (2.1.0)
      faraday (~> 2.5)
      net-http-persistent (~> 4.0)
    ffi (1.14.2)
    hashdiff (1.0.1)
    hashie (3.6.0)
    html2markdown (0.0.3)
      nokogiri
    htmlentities (4.3.4)
    http-cookie (1.0.5)
      domain_name (~> 0.5)
    i18n (1.14.1)
      concurrent-ruby (~> 1.0)
    jwt (2.7.1)
    kgio (2.11.3)
    listen (3.4.1)
      rb-fsevent (~> 0.10, >= 0.10.3)
      rb-inotify (~> 0.9, >= 0.9.10)
    mail (2.7.1)
      mini_mime (>= 0.1.1)
    method_source (1.0.0)
    mini_mime (1.0.2)
    mini_portile2 (2.8.0)
    minitest (5.18.0)
    multi_json (1.15.0)
    multipart-post (2.3.0)
    mustermann (1.1.1)
      ruby2_keywords (~> 0.0.1)
    net-http-persistent (4.0.2)
      connection_pool (~> 2.2)
    net-protocol (0.1.3)
      timeout
    net-smtp (0.3.3)
      net-protocol
    nokogiri (1.13.9)
      mini_portile2 (~> 2.8.0)
      racc (~> 1.4)
    pry (0.14.0)
      coderay (~> 1.1)
      method_source (~> 1.0)
    public_suffix (4.0.6)
    racc (1.6.0)
    rack (2.2.3)
    rack-protection (2.1.0)
      rack
    raindrops (0.19.1)
    rb-fsevent (0.10.4)
    rb-inotify (0.10.1)
      ffi (~> 1.0)
    redcarpet (3.5.1)
    rerun (0.13.1)
      listen (~> 3.0)
    restforce (6.2.2)
      faraday (>= 1.1.0, < 2.8.0)
      faraday-follow_redirects (<= 0.3.0, < 1.0.0)
      faraday-multipart (>= 1.0.0, < 2.0.0)
      faraday-net_http (< 4.0.0)
      hashie (>= 1.2.0, < 6.0)
      jwt (>= 1.5.6)
    rexml (3.2.4)
    rspec (3.10.0)
      rspec-core (~> 3.10.0)
      rspec-expectations (~> 3.10.0)
      rspec-mocks (~> 3.10.0)
    rspec-core (3.10.1)
      rspec-support (~> 3.10.0)
    rspec-expectations (3.10.1)
      diff-lcs (>= 1.2.0, < 2.0)
      rspec-support (~> 3.10.0)
    rspec-mocks (3.10.2)
      diff-lcs (>= 1.2.0, < 2.0)
      rspec-support (~> 3.10.0)
    rspec-support (3.10.2)
    rspec_junit_formatter (0.4.1)
      rspec-core (>= 2, < 4, != 2.12.0)
    ruby2_keywords (0.0.5)
    rubyntlm (0.6.3)
    simple_oauth (0.2.0)
    sinatra (2.1.0)
      mustermann (~> 1.0)
      rack (~> 2.2)
      rack-protection (= 2.1.0)
      tilt (~> 2.0)
    tilt (2.0.10)
    timeout (0.3.0)
    tzinfo (2.0.6)
      concurrent-ruby (~> 1.0)
    unf (0.1.4)
      unf_ext
    unf_ext (0.0.8.2)
    unicorn (5.8.0)
      kgio (~> 2.6)
      raindrops (~> 0.7)
    webmock (2.3.2)
      addressable (>= 2.3.6)
      crack (>= 0.3.2)
      hashdiff
    zlib (2.1.1)

PLATFORMS
  ruby

DEPENDENCIES
  ClothRed!
  aha-api!
  aha-services!
  byebug
  crack
  html2confluence!
  mail
  net-http-persistent
  net-smtp
  nokogiri (~> 1.13)
  plain-david!
  pry
  redcarpet
  rerun
  restforce
  reverse_markdown!
  rspec
  rspec_junit_formatter
  rubyntlm
  sinatra
  unicorn
  webmock (~> 2.3.2)

BUNDLED WITH
   2.2.33
