GIT
  remote: git://github.com/k1w1/plain-david.git
  revision: 50342418d936770adb3ac780740135039b21b1f9
  specs:
    plain-david (0.0.2)
      html2markdown
      htmlentities

GIT
  remote: https://383f0d3f6e966653045bbbe228f0d2c3eaa693c2:x-oauth-basic@github.com/aha-app/aha-api
  revision: fbe28d54d65607653bbaecdbd3f0f1c2789239ab
  specs:
    aha-api (1.0.3)
      activesupport
      faraday
      faraday_middleware
      hashie
      multi_json

GIT
  remote: https://github.com/k1w1/html2confluence.git
  revision: 98518db6a5ced4f63990277bbd7265e9bb20b68a
  specs:
    html2confluence (1.0.1)

PATH
  remote: .
  specs:
    aha-services (1.4.1)
      activesupport
      aha-api
      faraday
      faraday_middleware
      hashie (~> 2.0.0)
      html2confluence
      htmlentities
      simple_oauth

GEM
  remote: http://rubygems.org/
  specs:
    activesupport (4.0.0)
      i18n (~> 0.6, >= 0.6.4)
      minitest (~> 4.2)
      multi_json (~> 1.3)
      thread_safe (~> 0.1)
      tzinfo (~> 0.3.37)
    addressable (2.3.4)
    atomic (1.1.14)
    crack (0.3.2)
    diff-lcs (1.2.4)
    faraday (0.8.8)
      multipart-post (~> 1.2.0)
    faraday_middleware (0.9.0)
      faraday (>= 0.7.4, < 0.9)
    hashie (2.0.5)
    html2markdown (0.0.3)
      nokogiri
    htmlentities (4.3.1)
    i18n (0.6.5)
    mini_portile (0.5.2)
    minitest (4.7.5)
    multi_json (1.8.0)
    multipart-post (1.2.0)
    nokogiri (1.6.0)
      mini_portile (~> 0.5.0)
    nokogiri (1.6.0-x86-mingw32)
      mini_portile (~> 0.5.0)
    rspec (2.13.0)
      rspec-core (~> 2.13.0)
      rspec-expectations (~> 2.13.0)
      rspec-mocks (~> 2.13.0)
    rspec-core (2.13.1)
    rspec-expectations (2.13.0)
      diff-lcs (>= 1.1.3, < 2.0)
    rspec-mocks (2.13.1)
    simple_oauth (0.2.0)
    thread_safe (0.1.3)
      atomic
    tzinfo (0.3.37)
    webmock (1.11.0)
      addressable (>= 2.2.7)
      crack (>= 0.3.2)

PLATFORMS
  ruby
  x86-mingw32

DEPENDENCIES
  aha-api!
  aha-services!
  html2confluence!
  plain-david!
  rspec
  webmock
